PATH
  remote: .
  specs:
    dynamicscrm (3)
      httparty
      nokogiri
      uuid

GEM
  remote: http://rubygems.org/
  specs:
    diff-lcs (1.2.4)
    httparty (0.11.0)
      multi_json (~> 1.0)
      multi_xml (>= 0.5.2)
    macaddr (1.6.1)
      systemu (~> 2.5.0)
    mini_portile2 (2.8.0)
    multi_json (1.7.6)
    multi_xml (0.5.4)
    nokogiri (1.13.9)
      mini_portile2 (~> 2.8.0)
      racc (~> 1.4)
    racc (1.6.0)
    rspec (2.13.0)
      rspec-core (~> 2.13.0)
      rspec-expectations (~> 2.13.0)
      rspec-mocks (~> 2.13.0)
    rspec-core (2.13.1)
    rspec-expectations (2.13.0)
      diff-lcs (>= 1.1.3, < 2.0)
    rspec-mocks (2.13.1)
    systemu (2.5.2)
    uuid (2.3.6)
      macaddr (~> 1.0)

PLATFORMS
  ruby

DEPENDENCIES
  dynamicscrm!
  rspec (>= 1.0.5)

BUNDLED WITH
   1.16.3
